GEM
  remote: https://rubygems.org/
  specs:
    byebug (9.1.0)

PLATFORMS
  ruby

DEPENDENCIES
  byebug

RUBY VERSION
   ruby 2.4.1p111

BUNDLED WITH
   1.16.0
